GEM
  remote: https://rubygems.org/
  specs:
    minruby (1.0.4)

PLATFORMS
  arm64-darwin-22
  ruby

DEPENDENCIES
  minruby

BUNDLED WITH
   2.5.6
